GIT
  remote: https://github.com/Hirurg103/capybara_select2.git
  revision: fbf22fb74dec10fa0edcd26da7c5184ba8fa2c76
  ref: fbf22fb74dec10fa0edcd26da7c5184ba8fa2c76
  specs:
    capybara-select-2 (0.3.2)

GIT
  remote: https://github.com/albertsun/tumblr_client.git
  revision: e046fe6e39291c173add0a49081630c7b60a36c7
  ref: e046fe6e39291c173add0a49081630c7b60a36c7
  branch: master
  specs:
    tumblr_client (0.8.5)
      faraday (<= 1.0.0)
      faraday_middleware (<= 1.0.0)
      json
      mime-types
      oauth
      simple_oauth

GIT
  remote: https://github.com/albertsun/weibo_2.git
  revision: ac38d04434747c4b88e86c5337cd436d00c34349
  branch: master
  specs:
    weibo_2 (0.1.7)
      hashie (~> 3)
      multi_json (~> 1)
      oauth2 (~> 1)
      rest-client (>= 2.0)

GIT
  remote: https://github.com/bamorim/omniauth-dropbox-oauth2.git
  revision: 35046706fb781ed3b57dfb9c3cd44ed0f3d3f8ea
  ref: 35046706fb781ed3b57dfb9c3cd44ed0f3d3f8ea
  specs:
    omniauth-dropbox-oauth2 (0.3.0)
      omniauth-oauth2 (~> 1.3.1)

GIT
  remote: https://github.com/cantino/twitter-stream.git
  revision: a80822d579509802124d4e219bb771eb663efdb7
  branch: huginn
  specs:
    twitter-stream (0.1.15)
      eventmachine (>= 1.0.7)
      http_parser.rb (~> 0.6.0)
      simple_oauth (~> 0.3.0)

GIT
  remote: https://github.com/dsander/delayed_job_active_record.git
  revision: 8efc7b10a3e899a75515430b2216556f4e6c3de0
  branch: rails52
  specs:
    delayed_job_active_record (4.1.3)
      activerecord (>= 3.0, < 5.3)
      delayed_job (>= 3.0, < 5)

GIT
  remote: https://github.com/dsander/dropbox-api.git
  revision: 86cb7b5a1254dc5b054de7263835713c4c1018c7
  ref: 86cb7b5a1254dc5b054de7263835713c4c1018c7
  specs:
    dropbox-api (0.5.0)
      hashie (~> 3.5.6)
      multi_json (~> 1.10)
      oauth2 (~> 1.0)

GIT
  remote: https://github.com/dsander/erector.git
  revision: 9ee3667e4b26f586ba72ee74406b3bd65ddf5c16
  branch: fix-fixnum-warning
  specs:
    erector (0.10.0)
      treetop (>= 1.2.3)

GIT
  remote: https://github.com/sferik/twitter.git
  revision: d11707edf4abd13f7ada0eef57fc1eaa1062d75b
  specs:
    twitter (5.15.0)
      addressable (~> 2.3)
      buftok (~> 0.2.0)
      equalizer (~> 0.0.11)
      http (~> 2.0)
      http-form_data (~> 1.0)
      http_parser.rb (~> 0.6.0)
      memoizable (~> 0.4.0)
      multipart-post (~> 2.0)
      naught (~> 1.0)
      simple_oauth (~> 0.3.0)

PATH
  remote: vendor/gems/dotenv-2.0.1
  specs:
    dotenv (2.0.1)
    dotenv-rails (2.0.1)
      dotenv (= 2.0.1)

GEM
  remote: https://rubygems.org/
  specs:
    ace-rails-ap (2.0.1)
    actioncable (5.2.2.1)
      actionpack (= 5.2.2.1)
      nio4r (~> 2.0)
      websocket-driver (>= 0.6.1)
    actionmailer (5.2.2.1)
      actionpack (= 5.2.2.1)
      actionview (= 5.2.2.1)
      activejob (= 5.2.2.1)
      mail (~> 2.5, >= 2.5.4)
      rails-dom-testing (~> 2.0)
    actionpack (5.2.2.1)
      actionview (= 5.2.2.1)
      activesupport (= 5.2.2.1)
      rack (~> 2.0)
      rack-test (>= 0.6.3)
      rails-dom-testing (~> 2.0)
      rails-html-sanitizer (~> 1.0, >= 1.0.2)
    actionview (5.2.2.1)
      activesupport (= 5.2.2.1)
      builder (~> 3.1)
      erubi (~> 1.4)
      rails-dom-testing (~> 2.0)
      rails-html-sanitizer (~> 1.0, >= 1.0.3)
    activejob (5.2.2.1)
      activesupport (= 5.2.2.1)
      globalid (>= 0.3.6)
    activemodel (5.2.2.1)
      activesupport (= 5.2.2.1)
    activerecord (5.2.2.1)
      activemodel (= 5.2.2.1)
      activesupport (= 5.2.2.1)
      arel (>= 9.0)
    activestorage (5.2.2.1)
      actionpack (= 5.2.2.1)
      activerecord (= 5.2.2.1)
      marcel (~> 0.3.1)
    activesupport (5.2.2.1)
      concurrent-ruby (~> 1.0, >= 1.0.2)
      i18n (>= 0.7, < 2)
      minitest (~> 5.1)
      tzinfo (~> 1.1)
    addressable (2.5.2)
      public_suffix (>= 2.0.2, < 4.0)
    airbrussh (1.3.1)
      sshkit (>= 1.6.1, != 1.7.0)
    arel (9.0.0)
    aws-sdk-core (2.2.15)
      jmespath (~> 1.0)
    bcrypt (3.1.12)
    better_errors (1.1.0)
      coderay (>= 1.0.0)
      erubis (>= 2.6.6)
    binding_of_caller (0.8.0)
      debug_inspector (>= 0.0.1)
    bootsnap (1.3.0)
      msgpack (~> 1.0)
    bootstrap-kaminari-views (0.0.5)
      kaminari (>= 0.13)
      rails (>= 3.1)
    buftok (0.2.0)
    builder (3.2.3)
    byebug (8.2.5)
    capistrano (3.11.0)
      airbrussh (>= 1.0.0)
      i18n
      rake (>= 10.0.0)
      sshkit (>= 1.9.0)
    capistrano-bundler (1.1.4)
      capistrano (~> 3.1)
      sshkit (~> 1.2)
    capistrano-rails (1.1.3)
      capistrano (~> 3.1)
      capistrano-bundler (~> 1.1)
    capybara (2.18.0)
      addressable
      mini_mime (>= 0.1.3)
      nokogiri (>= 1.3.3)
      rack (>= 1.0.0)
      rack-test (>= 0.5.4)
      xpath (>= 2.0, < 4.0)
    capybara-screenshot (1.0.17)
      capybara (>= 1.0, < 3)
      launchy
    cliver (0.3.2)
    coderay (1.1.2)
    coffee-rails (4.2.2)
      coffee-script (>= 2.2.0)
      railties (>= 4.0.0)
    coffee-script (2.4.1)
      coffee-script-source
      execjs
    coffee-script-source (1.12.2)
    concurrent-ruby (1.1.5)
    cookiejar (0.3.2)
    coveralls (0.8.21)
      json (>= 1.8, < 3)
      simplecov (~> 0.14.1)
      term-ansicolor (~> 1.3)
      thor (~> 0.19.4)
      tins (~> 1.6)
    crack (0.4.3)
      safe_yaml (~> 1.0.0)
    crass (1.0.4)
    daemons (1.1.9)
    debug_inspector (0.0.3)
    declarative (0.0.9)
    declarative-option (0.1.0)
    delayed_job (4.1.5)
      activesupport (>= 3.0, < 5.3)
    devise (4.6.2)
      bcrypt (~> 3.0)
      orm_adapter (~> 0.1)
      railties (>= 4.1.0, < 6.0)
      responders
      warden (~> 1.2.3)
    diff-lcs (1.3)
    docile (1.1.5)
    domain_name (0.5.20170404)
      unf (>= 0.0.5, < 1.0.0)
    em-http-request (1.1.2)
      addressable (>= 2.3.4)
      cookiejar
      em-socksify (>= 0.3)
      eventmachine (>= 1.0.3)
      http_parser.rb (>= 0.6.0)
    em-socksify (0.3.0)
      eventmachine (>= 1.0.0.beta.4)
    em-websocket (0.5.1)
      eventmachine (>= 0.12.9)
      http_parser.rb (~> 0.6.0)
    equalizer (0.0.11)
    erubi (1.8.0)
    erubis (2.7.0)
    et-orbi (1.0.9)
      tzinfo
    ethon (0.7.1)
      ffi (>= 1.3.0)
    eventmachine (1.2.7)
    evernote-thrift (1.25.1)
    evernote_oauth (0.2.3)
      evernote-thrift
      oauth (>= 0.4.1)
    execjs (2.7.0)
    faraday (0.12.1)
      multipart-post (>= 1.2, < 3)
    faraday_middleware (0.12.2)
      faraday (>= 0.7.4, < 1.0)
    feedjira (2.1.2)
      faraday (>= 0.9)
      faraday_middleware (>= 0.9)
      loofah (>= 2.0)
      sax-machine (>= 1.0)
    ffi (1.9.25)
    font-awesome-sass (4.7.0)
      sass (>= 3.2)
    forecast_io (2.0.1)
      faraday
      hashie
      multi_json
    foreman (0.63.0)
      dotenv (>= 0.7)
      thor (>= 0.13.6)
    formatador (0.2.5)
    geokit (1.8.5)
      multi_json (>= 1.3.2)
    geokit-rails (2.2.0)
      geokit (~> 1.5)
      rails (>= 3.0)
    globalid (0.4.2)
      activesupport (>= 4.2.0)
    google-api-client (0.13.0)
      addressable (~> 2.5, >= 2.5.1)
      googleauth (~> 0.5)
      httpclient (>= 2.8.1, < 3.0)
      mime-types (~> 3.0)
      representable (~> 3.0)
      retriable (>= 2.0, < 4.0)
    google-cloud-core (1.0.0)
      google-cloud-env (~> 1.0)
      googleauth (~> 0.5.1)
    google-cloud-env (1.0.0)
      faraday (~> 0.11)
    google-cloud-translate (1.0.0)
      google-cloud-core (~> 1.0)
      googleauth (~> 0.5.1)
    googleauth (0.5.1)
      faraday (~> 0.9)
      jwt (~> 1.4)
      logging (~> 2.0)
      memoist (~> 0.12)
      multi_json (~> 1.11)
      os (~> 0.9)
      signet (~> 0.7)
    guard (2.14.1)
      formatador (>= 0.2.4)
      listen (>= 2.7, < 4.0)
      lumberjack (~> 1.0)
      nenv (~> 0.1)
      notiffany (~> 0.0)
      pry (>= 0.9.12)
      shellany (~> 0.0)
      thor (>= 0.18.1)
    guard-compat (1.2.1)
    guard-livereload (2.5.1)
      em-websocket (~> 0.5)
      guard (~> 2.8)
      guard-compat (~> 1.0)
      multi_json (~> 1.8)
    guard-rspec (4.7.3)
      guard (~> 2.1)
      guard-compat (~> 1.1)
      rspec (>= 2.99.0, < 4.0)
    hashdiff (0.3.8)
    hashie (3.5.6)
    haversine (0.3.0)
    hipchat (1.2.0)
      httparty
    httmultiparty (0.3.16)
      httparty (>= 0.7.3)
      mimemagic
      multipart-post
    http (2.1.0)
      addressable (~> 2.3)
      http-cookie (~> 1.0)
      http-form_data (~> 1.0.1)
      http_parser.rb (~> 0.6.0)
    http-cookie (1.0.3)
      domain_name (~> 0.5)
    http-form_data (1.0.1)
    http_parser.rb (0.6.0)
    httparty (0.14.0)
      multi_xml (>= 0.5.2)
    httpclient (2.8.3)
    huginn_agent (0.4.0)
      thor
    hypdf (1.0.10)
      httmultiparty (~> 0.3)
      httparty (~> 0.13)
    i18n (1.6.0)
      concurrent-ruby (~> 1.0)
    jmespath (1.1.3)
    jquery-rails (4.2.2)
      rails-dom-testing (>= 1, < 3)
      railties (>= 4.2.0)
      thor (>= 0.14, < 2.0)
    json (1.8.6)
    jsonpath (1.0.1)
      multi_json
      to_regexp (~> 0.2.1)
    jwt (1.5.6)
    kaminari (1.1.1)
      activesupport (>= 4.1.0)
      kaminari-actionview (= 1.1.1)
      kaminari-activerecord (= 1.1.1)
      kaminari-core (= 1.1.1)
    kaminari-actionview (1.1.1)
      actionview
      kaminari-core (= 1.1.1)
    kaminari-activerecord (1.1.1)
      activerecord
      kaminari-core (= 1.1.1)
    kaminari-core (1.1.1)
    kgio (2.10.0)
    kramdown (1.3.3)
    launchy (2.4.2)
      addressable (~> 2.3)
    letter_opener (1.4.1)
      launchy (~> 2.2)
    letter_opener_web (1.3.1)
      actionmailer (>= 3.2)
      letter_opener (~> 1.0)
      railties (>= 3.2)
    libv8 (6.7.288.46.1)
    liquid (4.0.0)
    listen (3.0.8)
      rb-fsevent (~> 0.9, >= 0.9.4)
      rb-inotify (~> 0.9, >= 0.9.7)
    little-plugger (1.1.4)
    logging (2.2.2)
      little-plugger (~> 1.1)
      multi_json (~> 1.10)
    loofah (2.2.3)
      crass (~> 1.0.2)
      nokogiri (>= 1.5.9)
    lumberjack (1.0.12)
    macaddr (1.7.1)
      systemu (~> 2.6.2)
    mail (2.7.1)
      mini_mime (>= 0.1.1)
    marcel (0.3.3)
      mimemagic (~> 0.3.2)
    memoist (0.16.0)
    memoizable (0.4.2)
      thread_safe (~> 0.3, >= 0.3.1)
    method_source (0.9.2)
    mime-types (3.1)
      mime-types-data (~> 3.2015)
    mime-types-data (3.2016.0521)
    mimemagic (0.3.3)
    mini_magick (4.2.3)
    mini_mime (1.0.1)
    mini_portile2 (2.4.0)
    mini_racer (0.2.4)
      libv8 (>= 6.3)
    minitest (5.11.3)
    mqtt (0.3.1)
    msgpack (1.2.4)
    multi_json (1.13.1)
    multi_xml (0.6.0)
    multipart-post (2.0.0)
    mysql2 (0.5.2)
    naught (1.1.0)
    nenv (0.3.0)
    net-ftp-list (3.2.8)
    net-scp (1.2.1)
      net-ssh (>= 2.6.5)
    net-ssh (5.0.2)
    netrc (0.11.0)
    nio4r (2.3.1)
    nokogiri (1.10.3)
      mini_portile2 (~> 2.4.0)
    notiffany (0.1.1)
      nenv (~> 0.1)
      shellany (~> 0.0)
    oauth (0.4.7)
    oauth2 (1.4.0)
      faraday (>= 0.8, < 0.13)
      jwt (~> 1.0)
      multi_json (~> 1.3)
      multi_xml (~> 0.5)
      rack (>= 1.2, < 3)
    omniauth (1.6.1)
      hashie (>= 3.4.6, < 3.6.0)
      rack (>= 1.6.2, < 3)
    omniauth-37signals (1.0.5)
      omniauth (~> 1.0)
      omniauth-oauth2 (~> 1.0)
    omniauth-evernote (1.2.1)
      evernote-thrift
      multi_json (~> 1.0)
      omniauth-oauth (~> 1.0)
    omniauth-oauth (1.1.0)
      oauth
      omniauth (~> 1.0)
    omniauth-oauth2 (1.3.1)
      oauth2 (~> 1.0)
      omniauth (~> 1.2)
    omniauth-tumblr (1.2)
      multi_json
      omniauth-oauth (~> 1.0)
    omniauth-twitter (1.3.0)
      omniauth-oauth (~> 1.1)
      rack
    omniauth-wunderlist (0.0.2)
      omniauth (~> 1.0)
      omniauth-oauth2 (~> 1.1)
    orm_adapter (0.5.0)
    os (0.9.6)
    pg (1.1.3)
    poltergeist (1.8.1)
      capybara (~> 2.1)
      cliver (~> 0.3.1)
      multi_json (~> 1.0)
      websocket-driver (>= 0.2.0)
    polyglot (0.3.5)
    pry (0.11.1)
      coderay (~> 1.1.0)
      method_source (~> 0.9.0)
    pry-byebug (3.3.0)
      byebug (~> 8.0)
      pry (~> 0.10)
    pry-rails (0.3.4)
      pry (>= 0.9.10)
    public_suffix (3.0.2)
    rack (2.0.6)
    rack-livereload (0.3.16)
      rack
    rack-test (1.1.0)
      rack (>= 1.0, < 3)
    rails (5.2.2.1)
      actioncable (= 5.2.2.1)
      actionmailer (= 5.2.2.1)
      actionpack (= 5.2.2.1)
      actionview (= 5.2.2.1)
      activejob (= 5.2.2.1)
      activemodel (= 5.2.2.1)
      activerecord (= 5.2.2.1)
      activestorage (= 5.2.2.1)
      activesupport (= 5.2.2.1)
      bundler (>= 1.3.0)
      railties (= 5.2.2.1)
      sprockets-rails (>= 2.0.0)
    rails-controller-testing (1.0.1)
      actionpack (~> 5.x)
      actionview (~> 5.x)
      activesupport (~> 5.x)
    rails-dom-testing (2.0.3)
      activesupport (>= 4.2.0)
      nokogiri (>= 1.6)
    rails-html-sanitizer (1.0.4)
      loofah (~> 2.2, >= 2.2.2)
    railties (5.2.2.1)
      actionpack (= 5.2.2.1)
      activesupport (= 5.2.2.1)
      method_source
      rake (>= 0.8.7)
      thor (>= 0.19.0, < 2.0)
    raindrops (0.17.0)
    rake (12.3.2)
    rb-fsevent (0.10.2)
    rb-inotify (0.9.10)
      ffi (>= 0.5.0, < 2)
    rb-kqueue (0.2.4)
      ffi (>= 0.5.0)
    representable (3.0.4)
      declarative (< 0.1.0)
      declarative-option (< 0.2.0)
      uber (< 0.2.0)
    responders (2.4.1)
      actionpack (>= 4.2.0, < 6.0)
      railties (>= 4.2.0, < 6.0)
    rest-client (2.0.2)
      http-cookie (>= 1.0.2, < 2.0)
      mime-types (>= 1.16, < 4.0)
      netrc (~> 0.8)
    retriable (3.0.2)
    rr (1.1.2)
    rspec (3.7.0)
      rspec-core (~> 3.7.0)
      rspec-expectations (~> 3.7.0)
      rspec-mocks (~> 3.7.0)
    rspec-collection_matchers (1.1.2)
      rspec-expectations (>= 2.99.0.beta1)
    rspec-core (3.7.1)
      rspec-support (~> 3.7.0)
    rspec-expectations (3.7.0)
      diff-lcs (>= 1.2.0, < 2.0)
      rspec-support (~> 3.7.0)
    rspec-html-matchers (0.9.1)
      nokogiri (~> 1)
      rspec (>= 3.0.0.a, < 4)
    rspec-mocks (3.7.0)
      diff-lcs (>= 1.2.0, < 2.0)
      rspec-support (~> 3.7.0)
    rspec-rails (3.7.2)
      actionpack (>= 3.0)
      activesupport (>= 3.0)
      railties (>= 3.0)
      rspec-core (~> 3.7.0)
      rspec-expectations (~> 3.7.0)
      rspec-mocks (~> 3.7.0)
      rspec-support (~> 3.7.0)
    rspec-support (3.7.1)
    rturk (2.12.1)
      erector
      nokogiri
      rest-client
    ruby-growl (4.1)
      uuid (~> 2.3, >= 2.3.5)
    rufus-scheduler (3.4.2)
      et-orbi (~> 1.0)
    safe_yaml (1.0.4)
    sass (3.4.23)
    sass-rails (5.0.6)
      railties (>= 4.0.0, < 6)
      sass (~> 3.1)
      sprockets (>= 2.8, < 4.0)
      sprockets-rails (>= 2.0, < 4.0)
      tilt (>= 1.1, < 3)
    sax-machine (1.3.2)
    select2-rails (3.5.9.3)
      thor (~> 0.14)
    shellany (0.0.1)
    shoulda-matchers (4.0.1)
      activesupport (>= 4.2.0)
    signet (0.7.3)
      addressable (~> 2.3)
      faraday (~> 0.9)
      jwt (~> 1.5)
      multi_json (~> 1.10)
    simple_oauth (0.3.1)
    simplecov (0.14.1)
      docile (~> 1.1.0)
      json (>= 1.8, < 3)
      simplecov-html (~> 0.10.0)
    simplecov-html (0.10.1)
    slack-notifier (1.0.0)
    spectrum-rails (1.3.4)
      railties (>= 3.1)
    spring (2.0.2)
      activesupport (>= 4.2)
    spring-commands-rspec (1.0.4)
      spring (>= 0.9.1)
    spring-watcher-listen (2.0.1)
      listen (>= 2.7, < 4.0)
      spring (>= 1.2, < 3.0)
    sprockets (3.7.2)
      concurrent-ruby (~> 1.0)
      rack (> 1, < 3)
    sprockets-rails (3.2.1)
      actionpack (>= 4.0)
      activesupport (>= 4.0)
      sprockets (>= 3.0.0)
    sshkit (1.18.0)
      net-scp (>= 1.1.2)
      net-ssh (>= 2.8.0)
    systemu (2.6.4)
    term-ansicolor (1.6.0)
      tins (~> 1.0)
    thor (0.19.4)
    thread_safe (0.3.6)
    tilt (2.0.7)
    tins (1.15.0)
    to_regexp (0.2.1)
    treetop (1.6.9)
      polyglot (~> 0.3)
    twilio-ruby (3.11.6)
      builder (>= 2.1.2)
      jwt (>= 0.1.2)
      multi_json (>= 1.3.0)
    typhoeus (0.6.9)
      ethon (>= 0.7.1)
    tzinfo (1.2.5)
      thread_safe (~> 0.1)
    uber (0.1.0)
    uglifier (2.7.2)
      execjs (>= 0.3.0)
      json (>= 1.8.0)
    unf (0.1.4)
      unf_ext
    unf_ext (0.0.7.4)
    unicorn (5.1.0)
      kgio (~> 2.6)
      raindrops (~> 0.7)
    uuid (2.3.7)
      macaddr (~> 1.0)
    vcr (3.0.3)
    warden (1.2.8)
      rack (>= 2.0.6)
    web-console (3.3.1)
      actionview (>= 5.0)
      activemodel (>= 5.0)
      debug_inspector
      railties (>= 5.0)
    webmock (3.5.1)
      addressable (>= 2.3.6)
      crack (>= 0.3.2)
      hashdiff
    websocket-driver (0.7.0)
      websocket-extensions (>= 0.1.0)
    websocket-extensions (0.1.3)
    wunderground (1.2.0)
      addressable
      httparty (> 0.6.0)
      json (> 1.4.0)
    xmpp4r (0.5.6)
    xpath (3.0.0)
      nokogiri (~> 1.8)

PLATFORMS
  ruby

DEPENDENCIES
  ace-rails-ap (~> 2.0.1)
  aws-sdk-core (~> 2.2.15)
  better_errors (~> 1.1)
  binding_of_caller (~> 0.8.0)
  bootsnap (>= 1.1.0)
  bootstrap-kaminari-views (~> 0.0.3)
  bundler (>= 1.5.0)
  capistrano (~> 3.11.0)
  capistrano-bundler (~> 1.1.4)
  capistrano-rails (~> 1.1)
  capybara (~> 2.18)
  capybara-screenshot
  capybara-select-2!
  coffee-rails (~> 4.2)
  coveralls (~> 0.8.12)
  daemons (~> 1.1.9)
  delayed_job (~> 4.1.5)
  delayed_job_active_record!
  devise (~> 4.6.2)
  dotenv!
  dotenv-rails!
  dropbox-api!
  em-http-request (~> 1.1.2)
  erector!
  evernote_oauth
  execjs (~> 2.7.0)
  faraday (~> 0.9)
  faraday_middleware (~> 0.12.2)
  feedjira (~> 2.1)
  ffi (>= 1.9.4)
  font-awesome-sass (~> 4.7.0)
  forecast_io (~> 2.0.0)
  foreman (~> 0.63.0)
  geokit (~> 1.8.4)
  geokit-rails (~> 2.2.0)
  google-api-client (~> 0.13)
  google-cloud-translate (~> 1.0.0)
  guard (~> 2.14.1)
  guard-livereload (~> 2.5.1)
  guard-rspec (~> 4.7.3)
  haversine
  hipchat (~> 1.2.0)
  httmultiparty (~> 0.3.16)
  httparty (~> 0.13)
  huginn_agent (~> 0.4.0)
  hypdf (~> 1.0.10)
  jquery-rails (~> 4.2.1)
  json (~> 1.8.1)
  jsonpath (~> 1.0.1)
  kaminari (~> 1.1.1)
  kramdown (~> 1.3.3)
  letter_opener_web (~> 1.3.1)
  liquid (~> 4.0)
  listen (~> 3.0.5)
  loofah (~> 2.0)
  mini_magick
  mini_racer (~> 0.2.4)
  mqtt
  multi_xml
  mysql2 (~> 0.5.2)
  net-ftp-list (~> 3.2.8)
  nokogiri
  omniauth (~> 1.6.1)
  omniauth-37signals
  omniauth-dropbox-oauth2!
  omniauth-evernote
  omniauth-tumblr (~> 1.2)
  omniauth-twitter (~> 1.3.0)
  omniauth-wunderlist
  pg (~> 1.1.3)
  poltergeist
  pry-byebug
  pry-rails
  rack-livereload (~> 0.3.16)
  rails (~> 5.2.0)
  rails-controller-testing
  rails-html-sanitizer (~> 1.0.4)
  rb-kqueue (>= 0.2)
  rr
  rspec (~> 3.7)
  rspec-collection_matchers (~> 1.1.0)
  rspec-html-matchers (~> 0.8)
  rspec-rails (~> 3.7)
  rturk (~> 2.12.1)
  ruby-growl (~> 4.1.0)
  rufus-scheduler (~> 3.4.2)
  sass-rails (~> 5.0)
  select2-rails (~> 3.5.4)
  shoulda-matchers
  slack-notifier (~> 1.0.0)
  spectrum-rails
  spring (~> 2.0.2)
  spring-commands-rspec (~> 1.0.4)
  spring-watcher-listen (~> 2.0.1)
  sprockets (~> 3.7.2)
  tumblr_client!
  twilio-ruby (~> 3.11.5)
  twitter!
  twitter-stream!
  typhoeus (~> 0.6.3)
  tzinfo (>= 1.2.0)
  tzinfo-data
  uglifier (~> 2.7.2)
  unicorn (~> 5.1.0)
  vcr
  web-console (>= 3.3.0)
  webmock (~> 3.5.1)
  weibo_2!
  wunderground (~> 1.2.0)
  xmpp4r (~> 0.5.6)

RUBY VERSION
   ruby 2.6.0p0

BUNDLED WITH
   1.17.3
